GIT
  remote: https://github.com/wooki/emissary-battles.git
  revision: d7df0db7652a21bf825e5cf18a873ffee33ff2a7
  specs:
    emissary-battles (1.0.0)

GIT
  remote: https://github.com/wooki/emissary-maps.git
  revision: 830a70d13dd8e918d48f9b051270d98300f9b5e8
  specs:
    emissary-maps (0.1.1)

GIT
  remote: https://github.com/wooki/emissary-names.git
  revision: 19cc4b8e83cc8c008a3e6f675c2ba19db76d0dd9
  specs:
    emissary-names (0.1.1)

GEM
  remote: https://rubygems.org/
  specs:
    titleize (1.4.1)

PLATFORMS
  x86_64-linux

DEPENDENCIES
  emissary-battles!
  emissary-maps!
  emissary-names!
  titleize

BUNDLED WITH
   2.3.7
