GIT
  remote: https://github.com/wooki/emissary-battles.git
  revision: d7df0db7652a21bf825e5cf18a873ffee33ff2a7
  specs:
    emissary-battles (1.0.0)

GIT
  remote: https://github.com/wooki/emissary-maps.git
  revision: 2592337fedabb03032c745d1f3c87590c07fdf8c
  specs:
    emissary-maps (0.1.4)

GIT
  remote: https://github.com/wooki/emissary-names.git
  revision: 19cc4b8e83cc8c008a3e6f675c2ba19db76d0dd9
  specs:
    emissary-names (0.1.1)

GEM
  remote: https://rubygems.org/
  specs:
    algorithms (1.0.1)
    titleize (1.4.1)

PLATFORMS
  x86_64-linux

DEPENDENCIES
  algorithms
  emissary-battles!
  emissary-maps!
  emissary-names!
  titleize

BUNDLED WITH
   2.3.7
